Brain Vision Data Exchange Header File Version 1.0
; Data created from history path: S02_Michela_OK/Raw Data/Linear Derivation/Elimina Markers/Correction/Free_UG_down_ch/Filters/New Reference/Artifact Rejection/BaselineCorrection

[Common Infos]
Codepage=UTF-8
DataFile=S02_noco_F_UG_do.eeg
MarkerFile=S02_noco_F_UG_do.vmrk
DataFormat=ASCII
; Data orientation: VECTORIZED=ch1,pt1, ch1,pt2..., MULTIPLEXED=ch1,pt1, ch2,pt1 ...
DataOrientation=MULTIPLEXED
DataType=TIMEDOMAIN
NumberOfChannels=62
DataPoints=40000
; Sampling interval in microseconds if time domain (convert to Hertz:
; 1000000 / SamplingInterval) or in Hertz if frequency domain:
SamplingInterval=2000
SegmentationType=MARKERBASED
SegmentDataPoints=1250

[ASCII Infos]
; Decimal symbol for floating point numbers: the header file always uses a dot (.),
; however the data file might use a different one
DecimalSymbol=,
; SkipLines, SkipColumns: leading lines and columns with additional informations.
SkipLines=1
SkipColumns=0

[Channel Infos]
; Each entry: Ch<Channel number>=<Name>,<Reference channel name>,
; <Resolution in "Unit">,<Unit>, Future extensions...
; Fields are delimited by commas, some fields might be omited (empty).
; Commas in channel names are coded as "\1".
Ch1=AF3,Avg,,µV
Ch2=AF4,Avg,,µV
Ch3=AF7,Avg,,µV
Ch4=AF8,Avg,,µV
Ch5=C1,Avg,,µV
Ch6=C2,Avg,,µV
Ch7=C3,Avg,,µV
Ch8=C4,Avg,,µV
Ch9=C5,Avg,,µV
Ch10=C6,Avg,,µV
Ch11=CP1,Avg,,µV
Ch12=CP2,Avg,,µV
Ch13=CP3,Avg,,µV
Ch14=CP4,Avg,,µV
Ch15=CP5,Avg,,µV
Ch16=CP6,Avg,,µV
Ch17=CPz,Avg,,µV
Ch18=Cz,Avg,,µV
Ch19=F1,Avg,,µV
Ch20=F2,Avg,,µV
Ch21=F3,Avg,,µV
Ch22=F4,Avg,,µV
Ch23=F5,Avg,,µV
Ch24=F6,Avg,,µV
Ch25=F7,Avg,,µV
Ch26=F8,Avg,,µV
Ch27=FC1,Avg,,µV
Ch28=FC2,Avg,,µV
Ch29=FC3,Avg,,µV
Ch30=FC4,Avg,,µV
Ch31=FC5,Avg,,µV
Ch32=FC6,Avg,,µV
Ch33=FCz,Avg,,µV
Ch34=Fp1,Avg,,µV
Ch35=Fp2,Avg,,µV
Ch36=Fpz,Avg,,µV
Ch37=FT7,Avg,,µV
Ch38=FT8,Avg,,µV
Ch39=Fz,Avg,,µV
Ch40=HEOG,,,µV
Ch41=LM,,,µV
Ch42=O1,Avg,,µV
Ch43=O2,Avg,,µV
Ch44=Oz,Avg,,µV
Ch45=P1,Avg,,µV
Ch46=P2,Avg,,µV
Ch47=P3,Avg,,µV
Ch48=P4,Avg,,µV
Ch49=P5,Avg,,µV
Ch50=P6,Avg,,µV
Ch51=P7,Avg,,µV
Ch52=P8,Avg,,µV
Ch53=PO3,Avg,,µV
Ch54=PO4,Avg,,µV
Ch55=PO7,Avg,,µV
Ch56=PO8,Avg,,µV
Ch57=POz,Avg,,µV
Ch58=Pz,Avg,,µV
Ch59=T7,Avg,,µV
Ch60=T8,Avg,,µV
Ch61=TP7,Avg,,µV
Ch62=TP8,Avg,,µV

[Coordinates]
; Each entry: Ch<Channel number>=<Radius>,<Theta>,<Phi>
Ch1=1,-74,-65
Ch2=1,74,65
Ch3=1,-92,-54
Ch4=1,92,54
Ch5=1,-23,0
Ch6=1,23,0
Ch7=1,-46,0
Ch8=1,46,0
Ch9=1,-69,0
Ch10=1,69,0
Ch11=1,-32,45
Ch12=1,32,-45
Ch13=1,-50,28
Ch14=1,50,-28
Ch15=1,-72,21
Ch16=1,72,-21
Ch17=1,23,-90
Ch18=1,0,0
Ch19=1,-50,-68
Ch20=1,50,68
Ch21=1,-60,-51
Ch22=1,60,51
Ch23=1,-75,-41
Ch24=1,75,41
Ch25=1,-92,-36
Ch26=1,92,36
Ch27=1,-32,-45
Ch28=1,32,45
Ch29=1,-50,-28
Ch30=1,50,28
Ch31=1,-72,-21
Ch32=1,72,21
Ch33=1,23,90
Ch34=1,-92,-72
Ch35=1,92,72
Ch36=1,92,90
Ch37=1,-92,-18
Ch38=1,92,18
Ch39=1,46,90
Ch40=0,0,0
Ch41=0,0,0
Ch42=1,-92,72
Ch43=1,92,-72
Ch44=1,92,-90
Ch45=1,-50,68
Ch46=1,50,-68
Ch47=1,-60,51
Ch48=1,60,-51
Ch49=1,-75,41
Ch50=1,75,-41
Ch51=1,-92,36
Ch52=1,92,-36
Ch53=1,-74,65
Ch54=1,74,-65
Ch55=1,-92,54
Ch56=1,92,-54
Ch57=1,69,-90
Ch58=1,46,-90
Ch59=1,-92,0
Ch60=1,92,0
Ch61=1,-92,18
Ch62=1,92,-18
