Brain Vision Data Exchange Header File Version 1.0
; Data created from history path: S05_AnnaMaria_OK/Raw Data/Elimina Markers/Correction/Free_UG_down_ch/Filters/New Reference/Artifact Rejection/BaselineCorrection

[Common Infos]
Codepage=UTF-8
DataFile=S05_noco_F_UG_do.eeg
MarkerFile=S05_noco_F_UG_do.vmrk
DataFormat=ASCII
; Data orientation: VECTORIZED=ch1,pt1, ch1,pt2..., MULTIPLEXED=ch1,pt1, ch2,pt1 ...
DataOrientation=MULTIPLEXED
DataType=TIMEDOMAIN
NumberOfChannels=62
DataPoints=33750
; Sampling interval in microseconds if time domain (convert to Hertz:
; 1000000 / SamplingInterval) or in Hertz if frequency domain:
SamplingInterval=2000
SegmentationType=MARKERBASED
SegmentDataPoints=1250

[ASCII Infos]
; Decimal symbol for floating point numbers: the header file always uses a dot (.),
; however the data file might use a different one
DecimalSymbol=,
; SkipLines, SkipColumns: leading lines and columns with additional informations.
SkipLines=1
SkipColumns=0

[Channel Infos]
; Each entry: Ch<Channel number>=<Name>,<Reference channel name>,
; <Resolution in "Unit">,<Unit>, Future extensions...
; Fields are delimited by commas, some fields might be omited (empty).
; Commas in channel names are coded as "\1".
Ch1=Fp1,Avg,,µV
Ch2=Fpz,Avg,,µV
Ch3=Fp2,Avg,,µV
Ch4=AF3,Avg,,µV
Ch5=AF4,Avg,,µV
Ch6=F7,Avg,,µV
Ch7=F5,Avg,,µV
Ch8=F3,Avg,,µV
Ch9=F1,Avg,,µV
Ch10=Fz,Avg,,µV
Ch11=F2,Avg,,µV
Ch12=F4,Avg,,µV
Ch13=F6,Avg,,µV
Ch14=F8,Avg,,µV
Ch15=FC5,Avg,,µV
Ch16=FC3,Avg,,µV
Ch17=FC1,Avg,,µV
Ch18=FCz,Avg,,µV
Ch19=FC2,Avg,,µV
Ch20=FC4,Avg,,µV
Ch21=FC6,Avg,,µV
Ch22=T7,Avg,,µV
Ch23=C5,Avg,,µV
Ch24=C3,Avg,,µV
Ch25=C1,Avg,,µV
Ch26=Cz,Avg,,µV
Ch27=C2,Avg,,µV
Ch28=C4,Avg,,µV
Ch29=C6,Avg,,µV
Ch30=T8,Avg,,µV
Ch31=TP7,Avg,,µV
Ch32=CP5,Avg,,µV
Ch33=CP3,Avg,,µV
Ch34=CP1,Avg,,µV
Ch35=CPz,Avg,,µV
Ch36=CP2,Avg,,µV
Ch37=CP4,Avg,,µV
Ch38=CP6,Avg,,µV
Ch39=TP8,Avg,,µV
Ch40=P7,Avg,,µV
Ch41=P5,Avg,,µV
Ch42=P3,Avg,,µV
Ch43=P1,Avg,,µV
Ch44=Pz,Avg,,µV
Ch45=P2,Avg,,µV
Ch46=P4,Avg,,µV
Ch47=P6,Avg,,µV
Ch48=P8,Avg,,µV
Ch49=PO7,Avg,,µV
Ch50=PO3,Avg,,µV
Ch51=AF7,Avg,,µV
Ch52=POz,Avg,,µV
Ch53=AF8,Avg,,µV
Ch54=PO4,Avg,,µV
Ch55=PO8,Avg,,µV
Ch56=O1,Avg,,µV
Ch57=Oz,Avg,,µV
Ch58=O2,Avg,,µV
Ch59=FT7,Avg,,µV
Ch60=FT8,Avg,,µV
Ch61=LM,,,µV
Ch62=HEOG,,,µV

[Coordinates]
; Each entry: Ch<Channel number>=<Radius>,<Theta>,<Phi>
Ch1=1,-90,-72
Ch2=1,90,90
Ch3=1,90,72
Ch4=1,-74,-68
Ch5=1,74,68
Ch6=1,-90,-36
Ch7=1,-74,-41
Ch8=1,-60,-51
Ch9=1,-49,-68
Ch10=1,45,90
Ch11=1,49,68
Ch12=1,60,51
Ch13=1,74,41
Ch14=1,90,36
Ch15=1,-69,-21
Ch16=1,-49,-29
Ch17=1,-31,-46
Ch18=1,23,90
Ch19=1,31,46
Ch20=1,49,29
Ch21=1,69,21
Ch22=1,-90,0
Ch23=1,-68,0
Ch24=1,-45,0
Ch25=1,-23,0
Ch26=1,0,0
Ch27=1,23,0
Ch28=1,45,0
Ch29=1,68,0
Ch30=1,90,0
Ch31=1,-90,18
Ch32=1,-69,21
Ch33=1,-49,29
Ch34=1,-31,46
Ch35=1,22,-90
Ch36=1,31,-46
Ch37=1,49,-29
Ch38=1,69,-21
Ch39=1,90,-18
Ch40=1,-90,36
Ch41=1,-74,41
Ch42=1,-60,51
Ch43=1,-49,68
Ch44=1,45,-90
Ch45=1,49,-68
Ch46=1,60,-51
Ch47=1,74,-41
Ch48=1,90,-36
Ch49=1,-90,54
Ch50=1,-74,68
Ch51=1,-90,-54
Ch52=1,67,-90
Ch53=1,90,54
Ch54=1,74,-68
Ch55=1,90,-54
Ch56=1,-90,72
Ch57=1,90,-90
Ch58=1,90,-72
Ch59=1,-90,-18
Ch60=1,90,18
Ch61=0,0,0
Ch62=0,0,0
